{
	"Modality": "MR",
	"MagneticFieldStrength": 3,
	"ImagingFrequency": 123.259,
	"Manufacturer": "Siemens",
	"ManufacturersModelName": "Allegra",
	"InstitutionName": "NIC Inst. Test name",
	"DeviceSerialNumber": "20411",
	"StationName": "MRC20411",
	"PatientPosition": "HFS",
	"SoftwareVersions": "syngo MR A30 4VA30A",
	"MRAcquisitionType": "2D",
	"SeriesDescription": "bold_memory X 5",
	"ProtocolName": "bold_memory X 5",
	"ScanningSequence": "EP\\SE\\EP",
	"SequenceVariant": "SK",
	"ScanOptions": "FS",
	"SequenceName": "*epfid2d1_64",
	"ImageType": ["ORIGINAL", "PRIMARY", "M", "ND", "MOSAIC"],
	"SeriesNumber": 11,
	"AcquisitionTime": "15:37:28.767480",
	"AcquisitionNumber": 1,
	"SliceThickness": 3,
	"SpacingBetweenSlices": 3.99,
	"SAR": 0.0461496,
	"EchoTime": 0.025,
	"RepetitionTime": 2,
	"FlipAngle": 70,
	"PartialFourier": 1,
	"BaseResolution": 64,
	"ShimSetting": [
		10,
		55,
		100,
		389,
		-74,
		-126,
		-88,
		-40	],
	"TxRefAmp": 151.781,
	"PhaseResolution": 1,
	"ReceiveCoilName": "Head_3T",
	"CoilString": "HE",
	"PulseSequenceDetails": "%SiemensSeq%\\ep2d_bold",
	"MatrixCoilMode": "SENSE",
	"PercentPhaseFOV": 100,
	"PercentSampling": 100,
	"PhaseEncodingSteps": 64,
	"AcquisitionMatrixPE": 64,
	"ReconMatrixPE": 64,
	"PixelBandwidth": 2790,
	"PhaseEncodingDirection": "j-",
	"SliceTiming": [
		0.944444,
		1.94444,
		0.888889,
		1.88889,
		0.833333,
		1.83333,
		0.777778,
		1.77778,
		0.722222,
		1.72222,
		0.666667,
		1.66667,
		0.611111,
		1.61111,
		0.555556,
		1.55556,
		0.5,
		1.5,
		0.444444,
		1.44444,
		0.388889,
		1.38889,
		0.333333,
		1.33333,
		0.277778,
		1.27778,
		0.222222,
		1.22222,
		0.166667,
		1.16667,
		0.111111,
		1.11111,
		0.0555556,
		1.05556,
		0,
		1	],
	"ImageOrientationPatientDICOM": [
		1,
		2.22045e-16,
		0,
		-2.22045e-16,
		0.950516,
		-0.310676	],
	"ImageOrientationText": "Tra>Cor(-18.1)",
	"InPlanePhaseEncodingDirectionDICOM": "COL",
	"ConversionSoftware": "dcm2niix",
	"ConversionSoftwareVersion": "v1.0.20220505"
}
