{
	"Modality": "MR",
	"MagneticFieldStrength": 3,
	"ImagingFrequency": 123.259,
	"Manufacturer": "Siemens",
	"ManufacturersModelName": "Allegra",
	"InstitutionName": "NIC Inst. Test name",
	"DeviceSerialNumber": "20411",
	"StationName": "MRC20411",
	"PatientPosition": "HFS",
	"SoftwareVersions": "syngo MR A30 4VA30A",
	"MRAcquisitionType": "3D",
	"SeriesDescription": "t1_mprage_sag_ns",
	"ProtocolName": "t1_mprage_sag_ns",
	"ScanningSequence": "IR\\GR",
	"SequenceVariant": "SP\\MP",
	"ScanOptions": "IR",
	"SequenceName": "*tfl3d1_ns",
	"ImageType": ["ORIGINAL", "PRIMARY", "M", "ND"],
	"SeriesNumber": 3,
	"AcquisitionTime": "17:07:29.267500",
	"AcquisitionNumber": 1,
	"SliceThickness": 1,
	"SAR": 0.0371693,
	"EchoTime": 0.00304,
	"RepetitionTime": 1.54,
	"InversionTime": 0.8,
	"FlipAngle": 8,
	"PartialFourier": 1,
	"BaseResolution": 256,
	"ShimSetting": [
		6,
		87,
		81,
		387,
		-109,
		-260,
		-95,
		-28	],
	"TxRefAmp": 141.051,
	"PhaseResolution": 1,
	"ReceiveCoilName": "Head_3T",
	"CoilString": "HE",
	"PulseSequenceDetails": "%SiemensSeq%\\tfl",
	"MatrixCoilMode": "SENSE",
	"PercentPhaseFOV": 100,
	"PercentSampling": 100,
	"PhaseEncodingSteps": 256,
	"AcquisitionMatrixPE": 256,
	"ReconMatrixPE": 256,
	"PixelBandwidth": 170,
	"ImageOrientationPatientDICOM": [
		0,
		1,
		0,
		0,
		0,
		-1	],
	"ImageOrientationText": "Sag",
	"InPlanePhaseEncodingDirectionDICOM": "ROW",
	"ConversionSoftware": "dcm2niix",
	"ConversionSoftwareVersion": "v1.0.20220505"
}
